GIT
  remote: git://github.com/ample/jekyll-placeholders.git
  revision: 503eef68d21b020b8d611025ab7029c80e569186
  specs:
    jekyll-placeholders (0.0.1)
      activesupport
      jekyll

GIT
  remote: https://github.com/crdschurch/crds-styles.git
  revision: 26e644317981c6338372ac51e494c39351b81ac0
  tag: v3.0.6
  specs:
    crds-styles (3.0.6)
      bootstrap-sass (~> 3.3)
      sass (~> 3.2)

GIT
  remote: https://github.com/crdschurch/jekyll-cloudsearch
  revision: fee0f94b3f19b005d433e6a804cfcede6188bf30
  tag: 0.0.5
  specs:
    jekyll-cloudsearch (0.0.5)
      aws-sdk-cloudsearchdomain
      contentful-management (~> 1.10.1)
      jekyll
      nokogiri

GIT
  remote: https://github.com/crdschurch/jekyll-contentful.git
  revision: 3289cffead190c35af3be63218447f9f887082d7
  tag: 1.1.0
  specs:
    jekyll-contentful (1.1.0)
      activesupport
      contentful (>= 2.6.0)
      contentful-management (~> 1.10.1)
      dotenv
      jekyll

GIT
  remote: https://github.com/crdschurch/jekyll-crds.git
  revision: 4845c18377748fbb77f3b84f4d09c79e4ec01636
  tag: 0.0.2
  specs:
    jekyll-crds (0.0.2)
      activesupport
      httparty
      jekyll

GIT
  remote: https://github.com/crdschurch/netlify-redirector.git
  revision: 8869f37bf026701e04f5a56f2be994d0c5efc36a
  specs:
    netlify-redirector (0.0.1)
      activesupport
      colorize
      rake

GEM
  remote: https://rubygems.org/
  specs:
    activesupport (5.2.1)
      concurrent-ruby (~> 1.0, >= 1.0.2)
      i18n (>= 0.7, < 2)
      minitest (~> 5.1)
      tzinfo (~> 1.1)
    addressable (2.5.2)
      public_suffix (>= 2.0.2, < 4.0)
    autoprefixer-rails (9.1.4)
      execjs
    aws-eventstream (1.0.1)
    aws-partitions (1.110.0)
    aws-sdk-cloudsearchdomain (1.5.0)
      aws-sdk-core (~> 3, >= 3.26.0)
      aws-sigv4 (~> 1.0)
    aws-sdk-core (3.37.0)
      aws-eventstream (~> 1.0)
      aws-partitions (~> 1.0)
      aws-sigv4 (~> 1.0)
      jmespath (~> 1.0)
    aws-sigv4 (1.0.3)
    bootstrap-sass (3.3.7)
      autoprefixer-rails (>= 5.2.1)
      sass (>= 3.3.4)
    coderay (1.1.2)
    colorator (1.1.0)
    colorize (0.8.1)
    concurrent-ruby (1.1.3)
    contentful (2.9.4)
      http (> 0.8, < 3.0)
      multi_json (~> 1)
    contentful-management (1.10.1)
      http (> 1.0, < 3.0)
      json (~> 1.8)
      multi_json (~> 1)
    crack (0.4.3)
      safe_yaml (~> 1.0.0)
    diff-lcs (1.3)
    domain_name (0.5.20180417)
      unf (>= 0.0.5, < 1.0.0)
    dotenv (2.5.0)
    em-websocket (0.5.1)
      eventmachine (>= 0.12.9)
      http_parser.rb (~> 0.6.0)
    eventmachine (1.2.7)
    eventmachine (1.2.7-x64-mingw32)
    execjs (2.7.0)
    extras (0.3.0)
      forwardable-extended (~> 2.5)
    fastimage (2.1.3)
    ffi (1.9.25)
    ffi (1.9.25-x64-mingw32)
    formatador (0.2.5)
    forwardable-extended (2.6.0)
    guard (2.14.2)
      formatador (>= 0.2.4)
      listen (>= 2.7, < 4.0)
      lumberjack (>= 1.0.12, < 2.0)
      nenv (~> 0.1)
      notiffany (~> 0.0)
      pry (>= 0.9.12)
      shellany (~> 0.0)
      thor (>= 0.18.1)
    guard-compat (1.2.1)
    guard-rspec (4.7.3)
      guard (~> 2.1)
      guard-compat (~> 1.1)
      rspec (>= 2.99.0, < 4.0)
    hashdiff (0.3.7)
    http (2.2.2)
      addressable (~> 2.3)
      http-cookie (~> 1.0)
      http-form_data (~> 1.0.1)
      http_parser.rb (~> 0.6.0)
    http-cookie (1.0.3)
      domain_name (~> 0.5)
    http-form_data (1.0.3)
    http_parser.rb (0.6.0)
    httparty (0.16.2)
      multi_xml (>= 0.5.2)
    i18n (0.9.5)
      concurrent-ruby (~> 1.0)
    jekyll (3.7.4)
      addressable (~> 2.4)
      colorator (~> 1.0)
      em-websocket (~> 0.5)
      i18n (~> 0.7)
      jekyll-sass-converter (~> 1.0)
      jekyll-watch (~> 2.0)
      kramdown (~> 1.14)
      liquid (~> 4.0)
      mercenary (~> 0.3.3)
      pathutil (~> 0.9)
      rouge (>= 1.7, < 4)
      safe_yaml (~> 1.0)
    jekyll-assets (3.0.11)
      activesupport (~> 5.0)
      execjs (~> 2.7)
      extras (~> 0.2)
      fastimage (~> 2.0, >= 1.8)
      jekyll (>= 3.5, < 4.0)
      jekyll-sanity (~> 1.2)
      liquid-tag-parser (~> 1.0)
      nokogiri (~> 1.8)
      pathutil (~> 0.16)
      sprockets (>= 3.3, < 4.1.beta)
    jekyll-sanity (1.2.0)
      jekyll (~> 3.1)
    jekyll-sass-converter (1.5.2)
      sass (~> 3.4)
    jekyll-watch (2.1.2)
      listen (~> 3.0)
    jmespath (1.4.0)
    json (1.8.6)
    kramdown (1.17.0)
    liquid (4.0.1)
    liquid-tag-parser (1.9.0)
      extras (~> 0.3)
      liquid (>= 3.0, < 5.0)
    listen (3.1.5)
      rb-fsevent (~> 0.9, >= 0.9.4)
      rb-inotify (~> 0.9, >= 0.9.7)
      ruby_dep (~> 1.2)
    lumberjack (1.0.13)
    mercenary (0.3.6)
    method_source (0.9.0)
    mini_portile2 (2.3.0)
    minitest (5.11.3)
    multi_json (1.13.1)
    multi_xml (0.6.0)
    nenv (0.3.0)
    nokogiri (1.8.5)
      mini_portile2 (~> 2.3.0)
    nokogiri (1.8.5-x64-mingw32)
      mini_portile2 (~> 2.3.0)
    notiffany (0.1.1)
      nenv (~> 0.1)
      shellany (~> 0.0)
    pathutil (0.16.2)
      forwardable-extended (~> 2.6)
    pry (0.11.3)
      coderay (~> 1.1.0)
      method_source (~> 0.9.0)
    public_suffix (3.0.3)
    rack (2.0.5)
    rake (12.3.1)
    rb-fsevent (0.10.3)
    rb-inotify (0.9.10)
      ffi (>= 0.5.0, < 2)
    rouge (3.3.0)
    rspec (3.7.0)
      rspec-core (~> 3.7.0)
      rspec-expectations (~> 3.7.0)
      rspec-mocks (~> 3.7.0)
    rspec-core (3.7.1)
      rspec-support (~> 3.7.0)
    rspec-expectations (3.7.0)
      diff-lcs (>= 1.2.0, < 2.0)
      rspec-support (~> 3.7.0)
    rspec-mocks (3.7.0)
      diff-lcs (>= 1.2.0, < 2.0)
      rspec-support (~> 3.7.0)
    rspec-support (3.7.1)
    ruby_dep (1.5.0)
    safe_yaml (1.0.4)
    sass (3.7.2)
      sass-listen (~> 4.0.0)
    sass-listen (4.0.0)
      rb-fsevent (~> 0.9, >= 0.9.4)
      rb-inotify (~> 0.9, >= 0.9.7)
    shellany (0.0.1)
    sprockets (3.7.2)
      concurrent-ruby (~> 1.0)
      rack (> 1, < 3)
    thor (0.20.0)
    thread_safe (0.3.6)
    tzinfo (1.2.5)
      thread_safe (~> 0.1)
    tzinfo-data (1.2018.5)
      tzinfo (>= 1.0.0)
    unf (0.1.4)
      unf_ext
    unf_ext (0.0.7.5)
    unf_ext (0.0.7.5-x64-mingw32)
    vcr (4.0.0)
    webmock (3.4.2)
      addressable (>= 2.3.6)
      crack (>= 0.3.2)
      hashdiff

PLATFORMS
  ruby
  x64-mingw32

DEPENDENCIES
  activesupport
  crds-styles!
  guard-rspec
  httparty
  jekyll (~> 3.7.4)
  jekyll-assets
  jekyll-cloudsearch!
  jekyll-contentful!
  jekyll-crds!
  jekyll-placeholders (~> 0.0.1)!
  netlify-redirector!
  rspec
  tzinfo-data
  vcr
  webmock

BUNDLED WITH
   1.16.6
