GIT
  remote: https://github.com/ample/jekyll-placeholders
  revision: 5767f173dfcb713d4ba15db74ae2add86934888f
  tag: 1.0.0
  specs:
    jekyll-placeholders (1.0.0)
      activesupport
      jekyll

GIT
  remote: https://github.com/ample/paging-mister-hyde.git
  revision: 2b48123793af680e2970a01bff489ab17e6edfd5
  tag: 1.0.0
  specs:
    paging-mister-hyde (1.0.0)
      activesupport
      jekyll

GIT
  remote: https://github.com/crdschurch/jekyll-asset-pipeline
  revision: 0e40c49113f06cd0ffe94b7f4f1669ce5a7a0bc6
  tag: 1.0.0
  specs:
    jekyll-asset-pipeline (1.0.0)
      activesupport
      jekyll (~> 4.0.0)

GIT
  remote: https://github.com/crdschurch/jekyll-contentful.git
  revision: 16092358e89394d9277972cfda9f75d75d7a2c33
  tag: 3.2.1
  specs:
    jekyll-contentful (3.2.1)
      activesupport
      contentful (>= 2.6.0)
      contentful-management (~> 2.6)
      dotenv
      jekyll

GIT
  remote: https://github.com/crdschurch/jekyll-crds.git
  revision: e01666333f51429616e333f86fef829ca7ea50d3
  tag: 2.3.3
  specs:
    jekyll-crds (2.3.3)
      activesupport
      httparty
      jekyll

GIT
  remote: https://github.com/crdschurch/netlify-redirector.git
  revision: 9151b084a9d20070e32ae3221496b4fe0174102e
  specs:
    netlify-redirector (0.0.2)
      activesupport
      colorize
      rake

PATH
  remote: vendor/gems/article-tags
  specs:
    article-tags (0.0.1)
      jekyll

PATH
  remote: vendor/gems/video-tags
  specs:
    video-tags (0.0.1)
      jekyll

GEM
  remote: https://rubygems.org/
  specs:
    activesupport (6.1.3.1)
      concurrent-ruby (~> 1.0, >= 1.0.2)
      i18n (>= 1.6, < 2)
      minitest (>= 5.1)
      tzinfo (~> 2.0)
      zeitwerk (~> 2.3)
    addressable (2.7.0)
      public_suffix (>= 2.0.2, < 5.0)
    coderay (1.1.3)
    coffee-script (2.4.1)
      coffee-script-source
      execjs
    coffee-script-source (1.12.2)
    colorator (1.1.0)
    colorize (0.8.1)
    concurrent-ruby (1.1.8)
    contentful (2.16.2)
      http (> 0.8, < 5.0)
      multi_json (~> 1)
    contentful-management (2.13.1)
      http (> 1.0, < 5.0)
      json (>= 1.8, < 3.0)
      multi_json (~> 1)
    crack (0.4.5)
      rexml
    diff-lcs (1.4.4)
    domain_name (0.5.20190701)
      unf (>= 0.0.5, < 1.0.0)
    dotenv (2.7.6)
    em-websocket (0.5.2)
      eventmachine (>= 0.12.9)
      http_parser.rb (~> 0.6.0)
    eventmachine (1.2.7)
    eventmachine (1.2.7-x64-mingw32)
    execjs (2.7.0)
    ffi (1.15.0)
    ffi (1.15.0-x64-mingw32)
    ffi-compiler (1.0.1)
      ffi (>= 1.0.0)
      rake
    formatador (0.2.5)
    forwardable-extended (2.6.0)
    guard (2.16.2)
      formatador (>= 0.2.4)
      listen (>= 2.7, < 4.0)
      lumberjack (>= 1.0.12, < 2.0)
      nenv (~> 0.1)
      notiffany (~> 0.0)
      pry (>= 0.9.12)
      shellany (~> 0.0)
      thor (>= 0.18.1)
    guard-compat (1.2.1)
    guard-rspec (4.7.3)
      guard (~> 2.1)
      guard-compat (~> 1.1)
      rspec (>= 2.99.0, < 4.0)
    hashdiff (1.0.1)
    hashie (4.1.0)
    http (4.4.1)
      addressable (~> 2.3)
      http-cookie (~> 1.0)
      http-form_data (~> 2.2)
      http-parser (~> 1.2.0)
    http-cookie (1.0.4)
      domain_name (~> 0.5)
    http-form_data (2.3.0)
    http-parser (1.2.3)
      ffi-compiler (>= 1.0, < 2.0)
    http_parser.rb (0.6.0)
    httparty (0.18.1)
      mime-types (~> 3.0)
      multi_xml (>= 0.5.2)
    i18n (1.8.10)
      concurrent-ruby (~> 1.0)
    jekyll (4.0.1)
      addressable (~> 2.4)
      colorator (~> 1.0)
      em-websocket (~> 0.5)
      i18n (>= 0.9.5, < 2)
      jekyll-sass-converter (~> 2.0)
      jekyll-watch (~> 2.0)
      kramdown (~> 2.1)
      kramdown-parser-gfm (~> 1.0)
      liquid (~> 4.0)
      mercenary (~> 0.3.3)
      pathutil (~> 0.9)
      rouge (~> 3.0)
      safe_yaml (~> 1.0)
      terminal-table (~> 1.8)
    jekyll-coffeescript (2.0.0)
      coffee-script (~> 2.2)
      coffee-script-source (~> 1.12)
    jekyll-feed (0.15.1)
      jekyll (>= 3.7, < 5.0)
    jekyll-include-cache (0.2.1)
      jekyll (>= 3.7, < 5.0)
    jekyll-redirect-from (0.16.0)
      jekyll (>= 3.3, < 5.0)
    jekyll-sass-converter (2.1.0)
      sassc (> 2.0.1, < 3.0)
    jekyll-watch (2.2.1)
      listen (~> 3.0)
    json (2.6.1)
    kramdown (2.3.1)
      rexml
    kramdown-parser-gfm (1.1.0)
      kramdown (~> 2.0)
    launchy (2.5.0)
      addressable (~> 2.7)
    liquid (4.0.3)
    listen (3.5.1)
      rb-fsevent (~> 0.10, >= 0.10.3)
      rb-inotify (~> 0.9, >= 0.9.10)
    lumberjack (1.2.8)
    mercenary (0.3.6)
    method_source (0.9.2)
    mime-types (3.3.1)
      mime-types-data (~> 3.2015)
    mime-types-data (3.2021.0225)
    minitest (5.14.4)
    multi_json (1.15.0)
    multi_xml (0.6.0)
    nenv (0.3.0)
    net-sftp (3.0.0)
      net-ssh (>= 5.0.0, < 7.0.0)
    net-ssh (6.1.0)
    notiffany (0.1.3)
      nenv (~> 0.1)
      shellany (~> 0.0)
    pathutil (0.16.2)
      forwardable-extended (~> 2.6)
    pry (0.12.2)
      coderay (~> 1.1.0)
      method_source (~> 0.9.0)
    pry-nav (0.3.0)
      pry (>= 0.9.10, < 0.13.0)
    public_suffix (4.0.6)
    rack (2.2.3)
    rake (13.0.3)
    rb-fsevent (0.10.4)
    rb-inotify (0.10.1)
      ffi (~> 1.0)
    rb-readline (0.5.5)
    rexml (3.2.5)
    rouge (3.26.0)
    rspec (3.10.0)
      rspec-core (~> 3.10.0)
      rspec-expectations (~> 3.10.0)
      rspec-mocks (~> 3.10.0)
    rspec-core (3.10.1)
      rspec-support (~> 3.10.0)
    rspec-expectations (3.10.1)
      diff-lcs (>= 1.2.0, < 2.0)
      rspec-support (~> 3.10.0)
    rspec-mocks (3.10.2)
      diff-lcs (>= 1.2.0, < 2.0)
      rspec-support (~> 3.10.0)
    rspec-support (3.10.2)
    safe_yaml (1.0.5)
    sassc (2.4.0)
      ffi (~> 1.9)
    sassc (2.4.0-x64-mingw32)
      ffi (~> 1.9)
    shellany (0.0.1)
    sprockets (3.7.2)
      concurrent-ruby (~> 1.0)
      rack (> 1, < 3)
    terminal-table (1.8.0)
      unicode-display_width (~> 1.1, >= 1.1.1)
    thor (1.1.0)
    tzinfo (2.0.4)
      concurrent-ruby (~> 1.0)
    tzinfo-data (1.2021.1)
      tzinfo (>= 1.0.0)
    uglifier (4.2.0)
      execjs (>= 0.3.0, < 3)
    unf (0.1.4)
      unf_ext
    unf_ext (0.0.8)
    unf_ext (0.0.8-x64-mingw32)
    unicode-display_width (1.7.0)
    vcr (6.0.0)
    wdm (0.1.1)
    webmock (3.12.2)
      addressable (>= 2.3.6)
      crack (>= 0.3.2)
      hashdiff (>= 0.4.0, < 2.0.0)
    webvtt-ruby (0.3.2)
    zeitwerk (2.4.2)

PLATFORMS
  ruby
  x64-mingw32

DEPENDENCIES
  activesupport
  article-tags (~> 0.0.1)!
  dotenv
  guard-rspec
  hashie
  httparty
  jekyll (~> 4.0.0)
  jekyll-asset-pipeline!
  jekyll-coffeescript
  jekyll-contentful!
  jekyll-crds!
  jekyll-feed (~> 0.6)
  jekyll-include-cache
  jekyll-placeholders!
  jekyll-redirect-from
  launchy
  net-sftp
  netlify-redirector!
  paging-mister-hyde!
  pry
  pry-nav
  rack (>= 2.0.6)
  rb-readline
  rspec
  sprockets (~> 3.7.2)
  tzinfo-data
  uglifier
  vcr
  video-tags (~> 0.0.1)!
  wdm (~> 0.1.0)
  webmock
  webvtt-ruby

BUNDLED WITH
   2.3.4
